RESTRICTION: >= net461
NUGET
  remote: https://www.nuget.org/api/v2
    Argu (5.1)
      FSharp.Core (>= 4.0.0.1)
    Expecto (8.4.2)
      Argu (>= 5.1)
      Mono.Cecil (>= 0.10)
    FSharp.Core (4.5.2)
    Microsoft.Azure.DocumentDB (2.1.2)
      Newtonsoft.Json (>= 6.0.8)
      System.Net.Http.WinHttpHandler (>= 4.5)
    Mono.Cecil (0.10.1)
    Newtonsoft.Json (11.0.2)
    System.Buffers (4.5)
    System.Memory (4.5.1)
      System.Buffers (>= 4.4)
      System.Numerics.Vectors (>= 4.4)
      System.Runtime.CompilerServices.Unsafe (>= 4.5)
    System.Net.Http.WinHttpHandler (4.5.1)
      System.Buffers (>= 4.5)
      System.Memory (>= 4.5.1)
    System.Numerics.Vectors (4.5)
    System.Runtime.CompilerServices.Unsafe (4.5.2)

GROUP Build
NUGET
  remote: https://www.nuget.org/api/v2
    FAKE (5.8.4)
